GEM
  remote: https://rubygems.org/
  specs:
    activesupport (4.2.2)
      i18n (~> 0.7)
      json (~> 1.7, >= 1.7.7)
      minitest (~> 5.1)
      thread_safe (~> 0.3, >= 0.3.4)
      tzinfo (~> 1.1)
    ast (2.0.0)
    astrolabe (1.3.0)
      parser (>= 2.2.0.pre.3, < 3.0)
    axiom-types (0.1.1)
      descendants_tracker (~> 0.0.4)
      ice_nine (~> 0.11.0)
      thread_safe (~> 0.3, >= 0.3.1)
    builder (3.2.2)
    coercible (1.0.0)
      descendants_tracker (~> 0.0.1)
    descendants_tracker (0.0.4)
      thread_safe (~> 0.3, >= 0.3.1)
    diff-lcs (1.2.5)
    equalizer (0.0.11)
    fdoc (0.3.3)
      json
      json-schema (~> 1.1)
      kramdown
      thor
    grape (0.12.0)
      activesupport
      builder
      hashie (>= 2.1.0)
      multi_json (>= 1.3.2)
      multi_xml (>= 0.5.2)
      rack (>= 1.3.0)
      rack-accept
      rack-mount
      virtus (>= 1.0.0)
    grape_logging (1.1.0)
      grape
    hashie (3.4.2)
    i18n (0.7.0)
    ice_nine (0.11.1)
    json (1.8.3)
    json-schema (1.2.1)
    kramdown (1.7.0)
    minitest (5.7.0)
    multi_json (1.11.1)
    multi_xml (0.5.5)
    parser (2.3.0.pre.2)
      ast (>= 1.1, < 3.0)
    powerpack (0.1.1)
    rack (1.6.4)
    rack-accept (0.4.5)
      rack (>= 0.4)
    rack-mount (0.8.3)
      rack (>= 1.0.0)
    rainbow (2.0.0)
    rspec (3.3.0)
      rspec-core (~> 3.3.0)
      rspec-expectations (~> 3.3.0)
      rspec-mocks (~> 3.3.0)
    rspec-core (3.3.1)
      rspec-support (~> 3.3.0)
    rspec-expectations (3.3.0)
      diff-lcs (>= 1.2.0, < 2.0)
      rspec-support (~> 3.3.0)
    rspec-mocks (3.3.1)
      diff-lcs (>= 1.2.0, < 2.0)
      rspec-support (~> 3.3.0)
    rspec-support (3.3.0)
    rubocop (0.32.0)
      astrolabe (~> 1.3)
      parser (>= 2.2.2.5, < 3.0)
      powerpack (~> 0.1)
      rainbow (>= 1.99.1, < 3.0)
      ruby-progressbar (~> 1.4)
    ruby-progressbar (1.7.5)
    thor (0.19.1)
    thread_safe (0.3.5)
    tzinfo (1.2.2)
      thread_safe (~> 0.1)
    virtus (1.0.5)
      axiom-types (~> 0.1)
      coercible (~> 1.0)
      descendants_tracker (~> 0.0, >= 0.0.3)
      equalizer (~> 0.0, >= 0.0.9)

PLATFORMS
  ruby

DEPENDENCIES
  activesupport
  fdoc
  grape
  grape_logging
  rspec
  rubocop
